GEM
   remote: https://rubygems.org/
  specs:
    
PLATFORMS
  x64-mingw-ucrt
  x86_64-darwin-21

DEPENDENCIES
  rubocop (>= 1.0, < 2.0)

BUNDLED WITH
   2.3.7
